GEM
  remote: https://rubygems.org/
  specs:
    byebug (9.0.6)
    discordrb (3.2.0.1)
      discordrb-webhooks (~> 3.2.0.1)
      opus-ruby
      rbnacl (~> 3.4.0)
      rest-client
      websocket-client-simple (>= 0.3.0)
    discordrb-webhooks (3.2.0.1)
      rest-client
    domain_name (0.5.20161129)
      unf (>= 0.0.5, < 1.0.0)
    dotenv (2.2.0)
    event_emitter (0.2.5)
    ffi (1.9.17)
    http-cookie (1.0.3)
      domain_name (~> 0.5)
    metaclass (0.0.4)
    mime-types (3.1)
      mime-types-data (~> 3.2015)
    mime-types-data (3.2016.0521)
    minitest (5.10.1)
    mocha (1.2.1)
      metaclass (~> 0.0.1)
    netrc (0.11.0)
    opus-ruby (1.0.1)
      ffi
    rake (12.0.0)
    rbnacl (3.4.0)
      ffi
    rest-client (2.0.0)
      http-cookie (>= 1.0.2, < 2.0)
      mime-types (>= 1.16, < 4.0)
      netrc (~> 0.8)
    timecop (0.8.1)
    unf (0.1.4)
      unf_ext
    unf_ext (0.0.7.2)
    websocket (1.2.4)
    websocket-client-simple (0.3.0)
      event_emitter
      websocket

PLATFORMS
  ruby

DEPENDENCIES
  byebug
  discordrb (~> 3.2, >= 3.2.0.1)
  dotenv
  minitest
  mocha
  rake
  timecop

RUBY VERSION
   ruby 2.3.3p222

BUNDLED WITH
   1.14.4
